PATH
  remote: .
  specs:
    node_visitor (1.1.0)

GEM
  remote: https://rubygems.org/
  specs:
    ast (2.4.2)
    diff-lcs (1.5.1)
    parser (3.3.0.5)
      ast (~> 2.4.1)
      racc
    parser_node_ext (1.3.2)
      parser
    prettier_print (1.2.1)
    prism (0.27.0)
    prism_ext (0.3.2)
      prism
    racc (1.7.3)
    rake (13.2.1)
    rspec (3.13.0)
      rspec-core (~> 3.13.0)
      rspec-expectations (~> 3.13.0)
      rspec-mocks (~> 3.13.0)
    rspec-core (3.13.0)
      rspec-support (~> 3.13.0)
    rspec-expectations (3.13.0)
      diff-lcs (>= 1.2.0, < 2.0)
      rspec-support (~> 3.13.0)
    rspec-mocks (3.13.0)
      diff-lcs (>= 1.2.0, < 2.0)
      rspec-support (~> 3.13.0)
    rspec-support (3.13.1)
    syntax_tree (6.2.0)
      prettier_print (>= 1.2.0)
    syntax_tree_ext (0.8.2)
      syntax_tree

PLATFORMS
  ruby
  x86_64-darwin-23

DEPENDENCIES
  node_visitor!
  parser_node_ext
  prism_ext
  rake (~> 13.0)
  rspec (~> 3.0)
  syntax_tree_ext

BUNDLED WITH
   2.3.7
